GEM
  remote: https://rubygems.org/
  specs:
    bcrypt (3.1.11-x64-mingw32)
    json (2.1.0)
    mustermann (1.0.1)
    pg (0.21.0-x64-mingw32)
    rack (2.0.3)
    rack-protection (2.0.0)
      rack
    sinatra (2.0.0)
      mustermann (~> 1.0)
      rack (~> 2.0)
      rack-protection (= 2.0.0)
      tilt (~> 2.0)
    sqlite3 (1.3.13-x64-mingw32)
    tilt (2.0.8)
    zip (2.0.2)

PLATFORMS
  x64-mingw32

DEPENDENCIES
  bcrypt
  json
  pg
  sinatra
  sqlite3
  zip

BUNDLED WITH
   1.16.0
